GEM
  remote: http://rubygems.org/
  specs:
    activesupport (3.2.13)
      i18n (= 0.6.1)
      multi_json (~> 1.0)
    color_parser (1.0.0)
      stylesheet (~> 0.1.3)
    curb (0.8.3)
    daemons (1.1.9)
    eventmachine (1.0.3)
    i18n (0.6.1)
    json (1.7.7)
    multi_json (1.7.3)
    nokogiri (1.5.9)
    rack (1.5.2)
    rack-protection (1.5.0)
      rack
    sinatra (1.3.6)
      rack (~> 1.4)
      rack-protection (~> 1.3)
      tilt (~> 1.3, >= 1.3.3)
    stylesheet (0.1.3)
      curb (~> 0.8)
      nokogiri (~> 1.5)
    thin (1.5.1)
      daemons (>= 1.0.9)
      eventmachine (>= 0.12.6)
      rack (>= 1.0.0)
    tilt (1.4.1)

PLATFORMS
  ruby

DEPENDENCIES
  activesupport (~> 3.2.11)
  color_parser (~> 1.0.0)
  json (~> 1.7.6)
  sinatra (~> 1.3.4)
  thin (~> 1.5.0)
