GEM
  remote: http://rubygems.org/
  specs:
    activesupport (3.0.0)
    color_parser (0.0.2)
      nokogiri (~> 1.5)
    daemons (1.1.9)
    eventmachine (1.0.0)
    json (1.7.6)
    nokogiri (1.5.6)
    rack (1.5.1)
    rack-protection (1.3.2)
      rack
    sinatra (1.3.4)
      rack (~> 1.4)
      rack-protection (~> 1.3)
      tilt (~> 1.3, >= 1.3.3)
    thin (1.5.0)
      daemons (>= 1.0.9)
      eventmachine (>= 0.12.6)
      rack (>= 1.0.0)
    tilt (1.3.3)

PLATFORMS
  ruby

DEPENDENCIES
  activesupport
  color_parser (~> 0.0.2)
  json
  sinatra (~> 1.3.4)
  thin (~> 1.5.0)
